GEM
  remote: http://rubygems.org/
  specs:
    rake (10.1.1)
    yard (0.8.7.3)

PLATFORMS
  ruby

DEPENDENCIES
  rake
  yard
