GEM
  remote: http://rubygems.org/
  specs:
    minitest (5.10.1)
    rake (10.1.1)
    yard (0.8.7.3)

PLATFORMS
  ruby

DEPENDENCIES
  minitest (~> 5.10.1)
  rake
  yard

BUNDLED WITH
   1.14.5
